GEM
  remote: https://rubygems.org/
  specs:
    gosu (0.7.50)
    hasu (0.1.4)
      gosu
    require_all (1.3.2)

PLATFORMS
  ruby

DEPENDENCIES
  gosu
  hasu
  require_all
