GEM
  remote: https://rubygems.org/
  specs:
    byebug (2.7.0)
      columnize (~> 0.3)
      debugger-linecache (~> 1.2)
    coderay (1.1.0)
    columnize (0.8.9)
    debugger-linecache (1.2.0)
    gosu (0.7.50)
    hasu (0.1.4)
      gosu
    method_source (0.8.2)
    pry (0.10.0)
      coderay (~> 1.1.0)
      method_source (~> 0.8.1)
      slop (~> 3.4)
    pry-byebug (1.3.3)
      byebug (~> 2.7)
      pry (~> 0.10)
    require_all (1.3.2)
    slop (3.5.0)

PLATFORMS
  ruby

DEPENDENCIES
  gosu
  hasu
  pry-byebug
  require_all
